{
    "Modality": "MR",
    "MagneticFieldStrength": 3,
    "ImagingFrequency": 127.771,
    "Manufacturer": "GE",
    "PulseSequenceName": "epiRT",
    "InternalPulseSequenceName": "EPI",
    "ManufacturersModelName": "SIGNA PET/MR",
    "InstitutionName": "ULB_ERASME",
    "DeviceSerialNumber": "000000030130MR01",
    "StationName": "PETMR",
    "BodyPartExamined": "HEAD",
    "PatientPosition": "HFS",
    "ProcedureStepDescription": "Etude Hypercapnie Valentina",
    "SoftwareVersions": "27\\LX\\MR Software release:MP26.0_R01_1824.b",
    "MRAcquisitionType": "2D",
    "SeriesDescription": "fMRI 3mm RS",
    "ProtocolName": "Valentina fMRI Hypercapn",
    "ScanningSequence": "EP\\GR",
    "SequenceVariant": "SS",
    "ScanOptions": "SAT_GEMS\\EPI_GEMS\\FILTERED_GEMS\\ACC_GEMS\\FS",
    "ImageType": [
        "ORIGINAL",
        "PRIMARY",
        "EPI",
        "NONE"
    ],
    "SeriesNumber": 6,
    "AcquisitionTime": "09:57:27.000000",
    "AcquisitionNumber": 1,
    "SliceThickness": 3,
    "SpacingBetweenSlices": 3,
    "SAR": 0.0632856,
    "EchoTime": 0.034,
    "RepetitionTime": 3,
    "FlipAngle": 90,
    "PhaseEncodingPolarityGE": "Flipped",
    "CoilString": "Head Neck 40",
    "PercentPhaseFOV": 100,
    "PercentSampling": 100,
    "AcquisitionMatrixPE": 96,
    "ReconMatrixPE": 128,
    "ParallelReductionFactorInPlane": 3,
    "EffectiveEchoSpacing": 0.000172819,
    "TotalReadoutTime": 0.021948,
    "PixelBandwidth": 3906.25,
    "PhaseEncodingDirection": "j",
    "SliceTiming": [
        0,
        1.5,
        0.075,
        1.575,
        0.15,
        1.65,
        0.225,
        1.725,
        0.3,
        1.8,
        0.375,
        1.875,
        0.45,
        1.95,
        0.525,
        2.025,
        0.6,
        2.1,
        0.675,
        2.175,
        0.75,
        2.25,
        0.825,
        2.325,
        0.9,
        2.4,
        0.975,
        2.475,
        1.05,
        2.55,
        1.125,
        2.625,
        1.2,
        2.7,
        1.275,
        2.775,
        1.35,
        2.85,
        1.425,
        2.925
    ],
    "ImageOrientationPatientDICOM": [
        0.996044,
        -0.0431095,
        0.0777059,
        0.0555464,
        0.984599,
        -0.165767
    ],
    "InPlanePhaseEncodingDirectionDICOM": "COL",
    "ConversionSoftware": "dcm2niix",
    "ConversionSoftwareVersion": "v1.0.20211006",
    "Dcm2bidsVersion": "2.1.6",
    "TaskName": "restingstate"
}