{
  "Modality": "MR",
  "MagneticFieldStrength": 3,
  "Manufacturer": "GE",
  "ManufacturersModelName": "SIGNA_PET_MR",
  "InstitutionName": "ULB_ERASME",
  "DeviceSerialNumber": "000000030130MR01",
  "StationName": "PETMR",
  "PatientPosition": "HFS",
  "ProcedureStepDescription": "Etude_Hypercapnie_Valentina",
  "SoftwareVersions": "26_LX_MR_Software_release:MP24.0_R03_1712.b",
  "MRAcquisitionType": "2D",
  "SeriesDescription": "fMRI_3mm_Gaz_60",
  "ProtocolName": "fMRI_3mm_Gaz_60",
  "ScanningSequence": "EP_GR",
  "SequenceVariant": "SS",
  "ScanOptions": "SAT_GEMS_EPI_GEMS_ACC_GEMS_FS",
  "ImageType": [
    "ORIGINAL",
    "PRIMARY",
    "EPI",
    "NONE"
  ],
  "SeriesNumber": 3,
  "AcquisitionTime": "15:19:6.000000",
  "AcquisitionNumber": 1,
  "SliceThickness": 3,
  "SpacingBetweenSlices": 3,
  "SAR": 0.15686,
  "EchoTime": 0.034,
  "RepetitionTime": 3,
  "FlipAngle": 90,
  "PercentPhaseFOV": 100,
  "AcquisitionMatrixPE": 96,
  "ReconMatrixPE": 128,
  "EffectiveEchoSpacing": 0.000752,
  "TotalReadoutTime": 0.095504,
  "PixelBandwidth": 3906.25,
  "ImageOrientationPatientDICOM": [
    0.979807,
    0.184524,
    -0.0770033,
    -0.19983,
    0.916847,
    -0.34563
  ],
  "InPlanePhaseEncodingDirectionDICOM": "COL",
  "ConversionSoftware": "dcm2niix",
  "ConversionSoftwareVersion": "v1.0.20171204 (OpenJPEG build) Clang8.1.0",
  "Dcm2bidsVersion": "2.1.4",
  "TaskName": "gas",
  "SliceTiming": [
    2.9375,
    1.4375,
    2.875,
    1.375,
    2.8125,
    1.3125,
    2.75,
    1.25,
    2.6875,
    1.1875,
    2.625,
    1.125,
    2.5625,
    1.0625,
    2.5,
    1,
    2.4375,
    0.9375,
    2.375,
    0.875,
    2.3125,
    0.8125,
    2.25,
    0.75,
    2.1875,
    0.6875,
    2.125,
    0.625,
    2.0625,
    0.5625,
    2,
    0.5,
    1.9375,
    0.4375,
    1.875,
    0.375,
    1.8125,
    0.3125,
    1.75,
    0.25,
    1.6875,
    0.1875,
    1.625,
    0.125,
    1.5625,
    0.0625,
    1.5,
    0
  ]
}
