{
  "Modality": "MR",
  "MagneticFieldStrength": 3,
  "Manufacturer": "GE",
  "ManufacturersModelName": "SIGNA_PET_MR",
  "InstitutionName": "ULB_ERASME",
  "DeviceSerialNumber": "000000030130MR01",
  "StationName": "PETMR",
  "BodyPartExamined": "HEAD",
  "PatientPosition": "HFS",
  "ProcedureStepDescription": "Etude_Hypercapnie_Valentina",
  "SoftwareVersions": "27_LX_MR_Software_release:MP26.0_R01_1824.b",
  "MRAcquisitionType": "2D",
  "SeriesDescription": "fMRI_3mm_Gaz_60",
  "ProtocolName": "fMRI_3mm_Gaz_60",
  "ScanningSequence": "EP_GR",
  "SequenceVariant": "SS",
  "ScanOptions": "SAT_GEMS_EPI_GEMS_FILTERED_GEMS_ACC_GEMS_FS",
  "ImageType": [
    "ORIGINAL",
    "PRIMARY",
    "EPI",
    "NONE"
  ],
  "SeriesNumber": 4,
  "AcquisitionTime": "14:38:14.000000",
  "AcquisitionNumber": 1,
  "SliceThickness": 3,
  "SpacingBetweenSlices": 3,
  "SAR": 0.064702,
  "EchoTime": 0.034,
  "RepetitionTime": 3,
  "FlipAngle": 90,
  "PercentPhaseFOV": 100,
  "AcquisitionMatrixPE": 96,
  "ReconMatrixPE": 128,
  "EffectiveEchoSpacing": 0.0007,
  "TotalReadoutTime": 0.0889,
  "PixelBandwidth": 3906.25,
  "ImageOrientationPatientDICOM": [
    0.99879,
    -0.0105042,
    0.0480358,
    0.0136747,
    0.997716,
    -0.0661558
  ],
  "InPlanePhaseEncodingDirectionDICOM": "COL",
  "ConversionSoftware": "dcm2niix",
  "ConversionSoftwareVersion": "v1.0.20171204 (OpenJPEG build) Clang8.1.0",
  "Dcm2bidsVersion": "2.1.4",
  "TaskName": "gas",
  "SliceTiming": [
    2.925,
    1.425,
    2.8499999999999996,
    1.3499999999999999,
    2.775,
    1.275,
    2.7,
    1.2,
    2.625,
    1.125,
    2.55,
    1.05,
    2.475,
    0.975,
    2.4,
    0.8999999999999999,
    2.325,
    0.825,
    2.25,
    0.75,
    2.175,
    0.6749999999999999,
    2.1,
    0.6,
    2.025,
    0.525,
    1.95,
    0.44999999999999996,
    1.875,
    0.375,
    1.8,
    0.3,
    1.725,
    0.22499999999999998,
    1.65,
    0.15,
    1.575,
    0.075,
    1.5,
    0
  ]
}
