{
  "Modality": "MR",
  "MagneticFieldStrength": 3,
  "Manufacturer": "GE",
  "ManufacturersModelName": "SIGNA_PET_MR",
  "InstitutionName": "ULB_ERASME",
  "DeviceSerialNumber": "000000030130MR01",
  "StationName": "PETMR",
  "BodyPartExamined": "HEAD",
  "PatientPosition": "HFS",
  "ProcedureStepDescription": "ETUDE_VALENTINA",
  "SoftwareVersions": "27_LX_MR_Software_release:MP26.0_R01_1824.b",
  "MRAcquisitionType": "2D",
  "SeriesDescription": "fMRI_3mm_Gaz_60",
  "ProtocolName": "fMRI_3mm_Gaz_60",
  "ScanningSequence": "EP_GR",
  "SequenceVariant": "SS",
  "ScanOptions": "SAT_GEMS_EPI_GEMS_FILTERED_GEMS_ACC_GEMS_FS",
  "ImageType": [
    "ORIGINAL",
    "PRIMARY",
    "EPI",
    "NONE"
  ],
  "SeriesNumber": 10,
  "AcquisitionTime": "13:53:42.000000",
  "AcquisitionNumber": 1,
  "SliceThickness": 3,
  "SpacingBetweenSlices": 3,
  "SAR": 0.0716991,
  "EchoTime": 0.034,
  "RepetitionTime": 3,
  "FlipAngle": 90,
  "PercentPhaseFOV": 100,
  "AcquisitionMatrixPE": 96,
  "ReconMatrixPE": 128,
  "EffectiveEchoSpacing": 0.0007,
  "TotalReadoutTime": 0.0889,
  "PixelBandwidth": 3906.25,
  "ImageOrientationPatientDICOM": [
    0.998766,
    -0.00205607,
    -0.0496187,
    -0.0116992,
    0.96128,
    -0.275324
  ],
  "InPlanePhaseEncodingDirectionDICOM": "COL",
  "ConversionSoftware": "dcm2niix",
  "ConversionSoftwareVersion": "v1.0.20171204 (OpenJPEG build) Clang8.1.0",
  "Dcm2bidsVersion": "2.1.4",
  "TaskName": "gas",
  "SliceTiming": [
    1.4666666666666666,
    2.9,
    1.4,
    2.833333333333333,
    1.3333333333333333,
    2.7666666666666666,
    1.2666666666666666,
    2.7,
    1.2,
    2.6333333333333333,
    1.1333333333333333,
    2.5666666666666664,
    1.0666666666666667,
    2.5,
    1,
    2.4333333333333336,
    0.9333333333333333,
    2.3666666666666667,
    0.8666666666666667,
    2.3,
    0.8,
    2.2333333333333334,
    0.7333333333333333,
    2.1666666666666665,
    0.6666666666666666,
    2.1,
    0.6,
    2.033333333333333,
    0.5333333333333333,
    1.9666666666666668,
    0.4666666666666667,
    1.9,
    0.4,
    1.8333333333333333,
    0.3333333333333333,
    1.7666666666666666,
    0.26666666666666666,
    1.7,
    0.2,
    1.6333333333333333,
    0.13333333333333333,
    1.5666666666666667,
    0.06666666666666667,
    1.5,
    0
  ]
}
